GEM
  remote: https://rubygems.org/
  specs:
    cloud_events (0.3.1)
    ed25519 (1.2.4)
    faraday (1.4.2)
      faraday-em_http (~> 1.0)
      faraday-em_synchrony (~> 1.0)
      faraday-excon (~> 1.1)
      faraday-net_http (~> 1.0)
      faraday-net_http_persistent (~> 1.1)
      multipart-post (>= 1.2, < 3)
      ruby2_keywords (>= 0.0.4)
    faraday-em_http (1.0.0)
    faraday-em_synchrony (1.0.0)
    faraday-excon (1.1.0)
    faraday-net_http (1.0.1)
    faraday-net_http_persistent (1.1.0)
    functions_framework (0.9.0)
      cloud_events (~> 0.1)
      puma (~> 4.3)
      rack (~> 2.1)
    multipart-post (2.1.1)
    nio4r (2.5.7)
    puma (4.3.8)
      nio4r (~> 2.0)
    rack (2.2.3)
    ruby2_keywords (0.0.4)

PLATFORMS
  ruby

DEPENDENCIES
  ed25519 (~> 1.2)
  faraday (~> 1.4)
  functions_framework (~> 0.9)

BUNDLED WITH
   2.1.2
